GEM
  remote: http://rubygems.org/
  specs:
    r18n-core (0.4.7.1)
    rack (1.2.1)
    rack-flash (0.1.1)
      rack
    sinatra (1.0)
      rack (>= 1.0)
    sinatra-content-for (0.2)
      sinatra
    sinatra-logger (0.1.0)
      sinatra (>= 0.10.1)
    sinatra-r18n (0.4.7.1)
      r18n-core (= 0.4.7.1)

PLATFORMS
  ruby

DEPENDENCIES
  rack-flash (= 0.1.1)
  sinatra (= 1.0.0)
  sinatra-content-for
  sinatra-logger (= 0.1.0)
  sinatra-r18n (= 0.4.7.1)
